GEM
  remote: http://rubygems.org/
  specs:
    diff-lcs (1.1.3)
    fuubar (0.0.6)
      rspec (~> 2.0)
      rspec-instafail (~> 0.1.8)
      ruby-progressbar (~> 0.0.10)
    rspec (2.7.0)
      rspec-core (~> 2.7.0)
      rspec-expectations (~> 2.7.0)
      rspec-mocks (~> 2.7.0)
    rspec-core (2.7.1)
    rspec-expectations (2.7.0)
      diff-lcs (~> 1.1.2)
    rspec-given (1.4.0)
      rspec (> 1.2.8)
    rspec-instafail (0.1.9)
    rspec-mocks (2.7.0)
    ruby-progressbar (0.0.10)

PLATFORMS
  ruby

DEPENDENCIES
  fuubar
  rspec-given
